GEM
  remote: https://rubygems.org/
  specs:

PLATFORMS
  aarch64-linux
  x86_64-linux

DEPENDENCIES

BUNDLED WITH
   2.4.10
